GIT
  remote: git://github.com/AndrewRadev/ctags_reader.git
  revision: 9dd6a0744377e5dcd3310a7e1169c636e340569b
  specs:
    ctags_reader (0.0.1)
      activesupport (>= 3.2.0)

GEM
  remote: https://rubygems.org/
  specs:
    activesupport (3.2.13)
      i18n (= 0.6.1)
      multi_json (~> 1.0)
    coderay (1.0.9)
    diff-lcs (1.2.1)
    erubis (2.7.0)
    i18n (0.6.1)
    method_source (0.8.1)
    multi_json (1.7.2)
    pry (0.9.12)
      coderay (~> 1.0.5)
      method_source (~> 0.8)
      slop (~> 3.4)
    rack (1.4.5)
    rack-protection (1.3.2)
      rack
    rake (10.0.3)
    redcarpet (2.2.2)
    rspec (2.13.0)
      rspec-core (~> 2.13.0)
      rspec-expectations (~> 2.13.0)
      rspec-mocks (~> 2.13.0)
    rspec-core (2.13.1)
    rspec-expectations (2.13.0)
      diff-lcs (>= 1.1.3, < 2.0)
    rspec-mocks (2.13.0)
    ruby-graphviz (1.0.8)
    shotgun (0.9)
      rack (>= 1.0)
    sinatra (1.3.3)
      rack (~> 1.3, >= 1.3.6)
      rack-protection (~> 1.2)
      tilt (~> 1.3, >= 1.3.3)
    slop (3.4.4)
    tilt (1.3.3)

PLATFORMS
  ruby

DEPENDENCIES
  ctags_reader!
  erubis
  pry
  rack
  rake
  redcarpet
  rspec
  ruby-graphviz
  shotgun
  sinatra
